PATH
  remote: .
  specs:
    regu (0.0.1)
      RubyInline

GEM
  remote: https://rubygems.org/
  specs:
    RubyInline (3.11.3)
      ZenTest (~> 4.3)
    ZenTest (4.8.2)
    diff-lcs (1.1.3)
    rake (0.9.2.2)
    rspec (2.11.0)
      rspec-core (~> 2.11.0)
      rspec-expectations (~> 2.11.0)
      rspec-mocks (~> 2.11.0)
    rspec-core (2.11.1)
    rspec-expectations (2.11.2)
      diff-lcs (~> 1.1.3)
    rspec-mocks (2.11.2)

PLATFORMS
  ruby

DEPENDENCIES
  rake
  regu!
  rspec
